GEM
  remote: https://rubygems.org/
  specs:
    builder (3.2.3)
    faraday (0.15.0)
      multipart-post (>= 1.2, < 3)
    geminabox (1.1.0)
      builder
      faraday
      httpclient (>= 2.2.7)
      nesty
      reentrant_flock
      sinatra (>= 1.2.7)
    httpclient (2.8.3)
    json (2.1.0)
    kgio (2.11.2)
    multipart-post (2.0.0)
    mustermann (1.0.2)
    nesty (1.0.2)
    rack (2.0.5)
    rack-health (0.1.2)
      rack (>= 1.2.0)
    rack-protection (2.0.1)
      rack
    raindrops (0.19.0)
    reentrant_flock (0.1.1)
    sinatra (2.0.1)
      mustermann (~> 1.0)
      rack (~> 2.0)
      rack-protection (= 2.0.1)
      tilt (~> 2.0)
    tilt (2.0.8)
    unicorn (5.4.0)
      kgio (~> 2.6)
      raindrops (~> 0.7)

PLATFORMS
  ruby

DEPENDENCIES
  geminabox
  json
  rack-health
  sinatra
  unicorn

BUNDLED WITH
   1.16.1
